Brain Vision Data Exchange Header File Version 1.0
; Data created by the actiCHamp PyCorder

[Common Infos]
Codepage=UTF-8
DataFile=e0044T.eeg
MarkerFile=e0044T.vmrk
DataFormat=BINARY
; Data orientation: MULTIPLEXED=ch1,pt1, ch2,pt1 ...
DataOrientation=MULTIPLEXED
NumberOfChannels=33
; Sampling interval in microseconds
SamplingInterval=1000

[Binary Infos]
BinaryFormat=IEEE_FLOAT_32

[Channel Infos]
; Each entry: Ch<Channel number>=<Name>,<Reference channel name>,
; <Scaling factor in "Unit">,<Unit>, Future extensions..
; Fields are delimited by commas, some fields might be omitted (empty).
; Commas in channel names are coded as "\1".
Ch1=Fp1,REF,1.0,µV
Ch2=Fz,REF,1.0,µV
Ch3=F3,REF,1.0,µV
Ch4=F7,REF,1.0,µV
Ch5=FT9,REF,1.0,µV
Ch6=FC5,REF,1.0,µV
Ch7=FC1,REF,1.0,µV
Ch8=C3,REF,1.0,µV
Ch9=T7,REF,1.0,µV
Ch10=TP9,REF,1.0,µV
Ch11=CP5,REF,1.0,µV
Ch12=CP1,REF,1.0,µV
Ch13=Pz,REF,1.0,µV
Ch14=P3,REF,1.0,µV
Ch15=P7,REF,1.0,µV
Ch16=O1,REF,1.0,µV
Ch17=Oz,REF,1.0,µV
Ch18=O2,REF,1.0,µV
Ch19=P4,REF,1.0,µV
Ch20=P8,REF,1.0,µV
Ch21=TP10,REF,1.0,µV
Ch22=CP6,REF,1.0,µV
Ch23=CP2,REF,1.0,µV
Ch24=C4,REF,1.0,µV
Ch25=T8,REF,1.0,µV
Ch26=FT10,REF,1.0,µV
Ch27=FC6,REF,1.0,µV
Ch28=FC2,REF,1.0,µV
Ch29=F4,REF,1.0,µV
Ch30=F8,REF,1.0,µV
Ch31=Fp2,REF,1.0,µV
Ch32=AF7,REF,1.0,µV
Ch33=AF3,REF,1.0,µV

[Comment]
PyCorder V1.0.9

Amplifier
actiCHamp (5001) SN: 15010372 Rev. 3
Module 1  (5010) SN: 14100641
Module 2  (5010) SN: 14100622
Module 3  n.a.
Module 4  n.a.
Module 5  n.a.
Version: DLL_25.14.08.04, DRV_03.04.01.146, CTRL_101.15.05.28, FPGAM_48.00.00.00, FPGAC_45.00.00.00, DSP_105.14.10.07



Reference channel: Cz

Impedance [KOhm] at 10:44:58 (recording started at 10:56:52)
  1 Fp1: 0
  2 Fz: 4
  3 F3: 8
  4 F7: 2
  5 FT9: 2
  6 FC5: 2
  7 FC1: 9
  8 C3: 3
  9 T7: 3
 10 TP9: 9
 11 CP5: 1
 12 CP1: 2
 13 Pz: 12
 14 P3: 2
 15 P7: 4
 16 O1: 8
 17 Oz: 11
 18 O2: 3
 19 P4: 0
 20 P8: 7
 21 TP10: 2
 22 CP6: 3
 23 CP2: 7
 24 REF_Cz: 1
 25 C4: 11
 26 T8: 9
 27 FT10: 17
 28 FC6: 2
 29 FC2: 3
 30 F4: 12
 31 F8: 2
 32 Fp2: 4
 33 AF7: 17
 34 AF3: 6
GND: 4
